GEM
  remote: https://rubygems.org/
  specs:
    json (2.6.3)
    recaptcha (5.12.3)
      json
    spring (4.1.1)

PLATFORMS
  ruby

DEPENDENCIES
  recaptcha
  spring

BUNDLED WITH
   2.1.4
