GEM
  remote: https://rubygems.org/
  specs:
    json (2.1.0)
    recaptcha (4.6.3)
      json

PLATFORMS
  ruby

DEPENDENCIES
  recaptcha

BUNDLED WITH
   2.0.1
